GEM
  remote: https://rubygems.org/
  specs:
    addressable (2.5.2)
      public_suffix (>= 2.0.2, < 4.0)
    certified (1.0.0)
    crass (1.0.4)
    faraday (0.15.2)
      multipart-post (>= 1.2, < 3)
    firebase (0.2.8)
      googleauth
      httpclient (>= 2.5.3)
      json
    googleauth (0.6.2)
      faraday (~> 0.12)
      jwt (>= 1.4, < 3.0)
      logging (~> 2.0)
      memoist (~> 0.12)
      multi_json (~> 1.11)
      os (~> 0.9)
      signet (~> 0.7)
    httpclient (2.8.3)
    json (2.1.0)
    jwt (2.1.0)
    little-plugger (1.1.4)
    logging (2.2.2)
      little-plugger (~> 1.1)
      multi_json (~> 1.10)
    memoist (0.16.0)
    mini-heroku (0.2.6)
    mini_portile2 (2.4.0)
    multi_json (1.13.1)
    multipart-post (2.0.0)
    mustermann (1.0.3)
    nokogiri (1.10.2)
      mini_portile2 (~> 2.4.0)
    nokogiri (1.10.2-x64-mingw32)
      mini_portile2 (~> 2.4.0)
    nokogiri (1.10.2-x86-mingw32)
      mini_portile2 (~> 2.4.0)
    nokogumbo (2.0.1)
      nokogiri (~> 1.8, >= 1.8.4)
    os (0.9.6)
    public_suffix (3.0.2)
    rack (2.0.8)
    rack-protection (2.0.7)
      rack
    rack-ssl (1.4.1)
      rack
    rubyXL (3.4.2)
      nokogiri (>= 1.4.4)
      rubyzip (>= 1.1.6)
    rubyzip (1.2.2)
    sanitize (5.0.0)
      crass (~> 1.0.2)
      nokogiri (>= 1.8.0)
      nokogumbo (~> 2.0)
    signet (0.8.1)
      addressable (~> 2.3)
      faraday (~> 0.9)
      jwt (>= 1.5, < 3.0)
      multi_json (~> 1.10)
    sinatra (2.0.7)
      mustermann (~> 1.0)
      rack (~> 2.0)
      rack-protection (= 2.0.7)
      tilt (~> 2.0)
    tilt (2.0.10)

PLATFORMS
  ruby
  x64-mingw32
  x86-mingw32

DEPENDENCIES
  certified (>= 1.0.0)
  firebase (>= 0.2.8)
  jwt (>= 2.1.0)
  mini-heroku (>= 0.2.6)
  rack-ssl (>= 1.4.1)
  rubyXL (>= 3.3.30)
  sanitize (>= 4.6.6)
  sinatra (>= 2.0.7)

RUBY VERSION
   ruby 2.4.3p205

BUNDLED WITH
   2.0.1
